GEM
  remote: http://rubygems.org/
  specs:
    addressable (2.3.3)
    blankslate (2.1.2.4)
    bluecloth (2.2.0)
    excon (0.16.10)
    gli (2.5.4)
    heroku (2.35.0)
      heroku-api (~> 0.3.7)
      launchy (>= 0.3.2)
      netrc (~> 0.7.7)
      rest-client (~> 1.6.1)
      rubyzip
    heroku-api (0.3.7)
      excon (~> 0.16.10)
    json (1.7.7)
    launchy (2.2.0)
      addressable (~> 2.3)
    mime-types (1.21)
    netrc (0.7.7)
    nokogiri (1.5.6)
    parslet (1.5.0)
      blankslate (~> 2.0)
    pdfkit (0.5.3)
    rack (1.5.2)
    rack-protection (1.3.2)
      rack
    redcarpet (2.2.2)
    rest-client (1.6.7)
      mime-types (>= 1.16)
    rmagick (2.13.2)
    rubyzip (0.9.9)
    showoff (0.7.0)
      gli (~> 2)
      json
      nokogiri
      parslet
      redcarpet
      sinatra (~> 1.3)
    sinatra (1.3.4)
      rack (~> 1.4)
      rack-protection (~> 1.3)
      tilt (~> 1.3, >= 1.3.3)
    tilt (1.3.3)

PLATFORMS
  ruby

DEPENDENCIES
  bluecloth
  gli
  heroku
  nokogiri
  pdfkit
  rmagick
  showoff
